PATH
  remote: .
  specs:
    snipe (1.0.0)
      claide (~> 0.8, >= 0.8.0)
      colored (~> 1.2)
      highline (~> 1.7, >= 1.7.8)
      mailgun-ruby (~> 1.1)

GEM
  remote: https://rubygems.org/
  specs:
    claide (0.9.1)
    colored (1.2)
    domain_name (0.5.20160310)
      unf (>= 0.0.5, < 1.0.0)
    highline (1.7.8)
    http-cookie (1.0.2)
      domain_name (~> 0.5)
    json (1.8.3)
    mailgun-ruby (1.1.0)
      json (~> 1.8)
      rest-client (~> 1.6)
    mime-types (2.99.1)
    netrc (0.11.0)
    rake (10.5.0)
    rest-client (1.8.0)
      http-cookie (>= 1.0.2, < 2.0)
      mime-types (>= 1.16, < 3.0)
      netrc (~> 0.7)
    unf (0.1.4)
      unf_ext
    unf_ext (0.0.7.2)

PLATFORMS
  ruby

DEPENDENCIES
  bundler (~> 1.7)
  rake (~> 10.0)
  snipe!

BUNDLED WITH
   1.11.2
