PATH
  remote: .
  specs:
    snipe (1.0.0)
      claide (~> 0.8, >= 0.8.0)
      colored (~> 1.2)
      highline (~> 1.7, >= 1.7.8)

GEM
  remote: https://rubygems.org/
  specs:
    claide (0.9.1)
    colored (1.2)
    highline (1.7.8)
    rake (10.5.0)

PLATFORMS
  ruby

DEPENDENCIES
  bundler (~> 1.7)
  rake (~> 10.0)
  snipe!

BUNDLED WITH
   1.11.2
